GEM
  remote: https://rubygems.org/
  specs:
    dotenv (2.8.1)
    parallel (1.22.1)

PLATFORMS
  x86_64-linux

DEPENDENCIES
  dotenv (~> 2.5)
  parallel (~> 1.12)

BUNDLED WITH
   2.3.21
